GEM
  remote: http://rubygems.org/
  specs:
    activesupport (4.0.1)
      i18n (~> 0.6, >= 0.6.4)
      minitest (~> 4.2)
      multi_json (~> 1.3)
      thread_safe (~> 0.1)
      tzinfo (~> 0.3.37)
    atomic (1.1.14)
    colored (1.2)
    diff-lcs (1.2.5)
    ethon (0.6.1)
      ffi (>= 1.3.0)
      mime-types (~> 1.18)
    factory_girl (4.3.0)
      activesupport (>= 3.0.0)
    ffi (1.9.3)
    i18n (0.6.5)
    json (1.8.1)
    mime-types (1.25)
    minitest (4.7.5)
    multi_json (1.8.2)
    rspec (2.14.1)
      rspec-core (~> 2.14.0)
      rspec-expectations (~> 2.14.0)
      rspec-mocks (~> 2.14.0)
    rspec-core (2.14.7)
    rspec-expectations (2.14.4)
      diff-lcs (>= 1.1.3, < 2.0)
    rspec-mocks (2.14.4)
    thread_safe (0.1.3)
      atomic
    typhoeus (0.6.6)
      ethon (~> 0.6.1)
    tzinfo (0.3.38)
    xml-simple (1.1.2)

PLATFORMS
  ruby

DEPENDENCIES
  colored
  factory_girl
  json
  rspec
  typhoeus (= 0.6.6)
  xml-simple
