GEM
  remote: http://rubygems.org/
  specs:
    ZenTest (4.9.1)
    activesupport (3.2.13)
      i18n (= 0.6.1)
      multi_json (~> 1.0)
    autotest (4.4.6)
      ZenTest (>= 4.4.1)
    colored (1.2)
    columnize (0.3.6)
    debugger (1.5.0)
      columnize (>= 0.3.1)
      debugger-linecache (~> 1.2.0)
      debugger-ruby_core_source (~> 1.2.0)
    debugger-linecache (1.2.0)
    debugger-ruby_core_source (1.2.0)
    diff-lcs (1.2.4)
    ethon (0.5.3)
      ffi (~> 1.0.11)
      mime-types (~> 1.18)
    factory_girl (4.2.0)
      activesupport (>= 3.0.0)
    ffi (1.0.11)
    i18n (0.6.1)
    json (1.8.0)
    mime-types (1.23)
    multi_json (1.7.3)
    rspec (2.13.0)
      rspec-core (~> 2.13.0)
      rspec-expectations (~> 2.13.0)
      rspec-mocks (~> 2.13.0)
    rspec-core (2.13.1)
    rspec-expectations (2.13.0)
      diff-lcs (>= 1.1.3, < 2.0)
    rspec-mocks (2.13.1)
    typhoeus (0.5.1)
      ethon (= 0.5.3)
    xml-simple (1.1.2)

PLATFORMS
  ruby

DEPENDENCIES
  autotest
  colored
  debugger
  factory_girl
  json
  rspec
  typhoeus (= 0.5.1)
  xml-simple
